GEM
  remote: https://rubygems.org/
  specs:
    backports (3.15.0)
    clap (1.0.0)
    connection_pool (2.2.2)
    cutest (1.2.3)
      clap
    hiredis (0.6.3)
    multi_json (1.14.1)
    mustermann (1.0.3)
    nest (3.1.2)
      redic
    nio4r (2.5.2)
    ohm (3.1.1)
      nest (~> 3)
      redic (~> 1.5.0)
      stal
    ohm-expire (0.1.3.2)
      ohm (>= 0.1.5)
    pg (1.1.4)
    puma (4.3.5)
      nio4r (~> 2.0)
    rack (2.2.2)
    rack-cors (1.0.5)
      rack (>= 1.6.0)
    rack-protection (2.0.7)
      rack
    rack-ssl (1.4.1)
      rack
    rack-test (1.1.0)
      rack (>= 1.0, < 3)
    rake (12.3.3)
    redic (1.5.3)
      hiredis
    redis (4.1.3)
    sequel (5.25.0)
    sidekiq (6.0.2)
      connection_pool (>= 2.2.2)
      rack (>= 2.0.0)
      rack-protection (>= 2.0.0)
      redis (>= 4.1.0)
    sinatra (2.0.7)
      mustermann (~> 1.0)
      rack (~> 2.0)
      rack-protection (= 2.0.7)
      tilt (~> 2.0)
    sinatra-contrib (2.0.7)
      backports (>= 2.8.2)
      multi_json
      mustermann (~> 1.0)
      rack-protection (= 2.0.7)
      sinatra (= 2.0.7)
      tilt (~> 2.0)
    stal (0.3.0)
      redic (~> 1.5)
    tilt (2.0.10)
    yajl-ruby (1.4.1)
    yard (0.9.20)

PLATFORMS
  ruby

DEPENDENCIES
  cutest (~> 1.2)
  ohm (~> 3.1)
  ohm-expire
  pg (~> 1.1)
  puma
  rack-cors (~> 1.0)
  rack-ssl (~> 1.4.1)
  rack-test
  rake (~> 12.0)
  sequel (~> 5.0)
  sidekiq (~> 6.0)
  sinatra (~> 2.0)
  sinatra-contrib
  yajl-ruby
  yard (~> 0.9.20)

BUNDLED WITH
   2.1.2
